GIT
  remote: https://github.com/caiosba/slack-rtmapi
  revision: b87c0d6117c9081a1e88366d94f23b438ec6b73a
  ref: b87c0d6
  specs:
    slack-rtmapi (1.0.0.rc4)
      websocket-driver

GEM
  remote: https://rubygems.org/
  specs:
    websocket-driver (0.5.1)
      websocket-extensions (>= 0.1.0)
    websocket-extensions (0.1.1)

PLATFORMS
  ruby

DEPENDENCIES
  slack-rtmapi!
