GIT
  remote: https://github.com/caiosba/slack-rtmapi
  revision: 2e8a9eea1002a44b79393c963f7b8bb832ebe23f
  ref: 2e8a9ee
  specs:
    slack-rtmapi (1.0.0.rc4)
      websocket-driver

GEM
  remote: https://rubygems.org/
  specs:
    websocket-driver (0.5.1)
      websocket-extensions (>= 0.1.0)
    websocket-extensions (0.1.1)

PLATFORMS
  ruby

DEPENDENCIES
  slack-rtmapi!
