GIT
  remote: https://github.com/caiosba/slack-rtmapi
  revision: 5be596228711c4bc58b9fd68f842a524a914c5c9
  ref: 5be5962
  specs:
    slack-rtmapi (1.0.0.rc4)
      websocket-driver

GEM
  remote: https://rubygems.org/
  specs:
    websocket-driver (0.5.1)
      websocket-extensions (>= 0.1.0)
    websocket-extensions (0.1.1)

PLATFORMS
  ruby

DEPENDENCIES
  slack-rtmapi!
